GEM
  remote: https://rubygems.org/
  specs:
    activesupport (5.0.1)
      concurrent-ruby (~> 1.0, >= 1.0.2)
      i18n (~> 0.7)
      minitest (~> 5.1)
      tzinfo (~> 1.1)
    bson (4.1.1)
    clockwork (2.0.0)
      activesupport
      tzinfo
    coderay (1.1.1)
    concurrent-ruby (1.0.3)
    i18n (0.7.0)
    method_source (0.8.2)
    minitest (5.10.1)
    mongo (2.2.5)
      bson (~> 4.0)
    pry (0.10.4)
      coderay (~> 1.1.0)
      method_source (~> 0.8.1)
      slop (~> 3.4)
    puma (3.6.2)
    rack (1.6.5)
    rack-protection (1.5.3)
      rack
    sinatra (1.4.7)
      rack (~> 1.5)
      rack-protection (~> 1.4)
      tilt (>= 1.3, < 3)
    slop (3.6.0)
    thread_safe (0.3.5)
    tilt (2.0.5)
    tzinfo (1.2.2)
      thread_safe (~> 0.1)

PLATFORMS
  ruby

DEPENDENCIES
  clockwork
  mongo
  pry
  puma
  sinatra

BUNDLED WITH
   1.13.6
